GEM
  remote: https://rubygems.org/
  specs:
    dotenv (2.7.4)
    encrypted_cookie (0.0.5)
      rack (>= 1.1, < 3)
    json (2.5.1)
    mustermann (1.1.1)
      ruby2_keywords (~> 0.0.1)
    rack (2.2.3)
    rack-protection (2.0.5)
      rack
    ruby2_keywords (0.0.4)
    sinatra (2.0.5)
      mustermann (~> 1.0)
      rack (~> 2.0)
      rack-protection (= 2.0.5)
      tilt (~> 2.0)
    stripe (5.29.0)
    tilt (2.0.10)

PLATFORMS
  x86_64-darwin-20

DEPENDENCIES
  dotenv (= 2.7.4)
  encrypted_cookie (= 0.0.5)
  json (= 2.5.1)
  sinatra (= 2.0.5)
  stripe (= 5.29.0)

RUBY VERSION
   ruby 3.0.0p0

BUNDLED WITH
   2.2.6
